GEM
  remote: http://rubygems.org/
  specs:
    bson (1.3.1)
    bson_ext (1.3.1)
    mongo (1.3.1)
      bson (>= 1.3.1)
    rack (1.2.1)
    sinatra (1.0)
      rack (>= 1.0)
    yajl-ruby (0.7.7)

PLATFORMS
  ruby

DEPENDENCIES
  bson
  bson_ext
  mongo
  sinatra
  yajl-ruby
